GIT
  remote: git@github.com:joongimin/nulldb.git
  revision: 93294d8b2f43787dbd932fe97ccbb8d6428fcd85
  specs:
    activerecord-nulldb-adapter (0.3.1)
      activerecord (>= 2.0.0)

GEM
  remote: https://rubygems.org/
  specs:
    activemodel (5.2.8.1)
      activesupport (= 5.2.8.1)
    activerecord (5.2.8.1)
      activemodel (= 5.2.8.1)
      activesupport (= 5.2.8.1)
      arel (>= 9.0)
    activesupport (5.2.8.1)
      concurrent-ruby (~> 1.0, >= 1.0.2)
      i18n (>= 0.7, < 2)
      minitest (~> 5.1)
      tzinfo (~> 1.1)
    arel (9.0.0)
    concurrent-ruby (1.1.10)
    expectations (2.0.0)
      mocha (>= 0.5.5)
    i18n (1.11.0)
      concurrent-ruby (~> 1.0)
    metaclass (0.0.4)
    minitest (5.6.0)
    mocha (1.1.0)
      metaclass (~> 0.0.1)
    rake (10.3.2)
    thread_safe (0.3.6)
    tzinfo (1.2.9)
      thread_safe (~> 0.1)

PLATFORMS
  ruby

DEPENDENCIES
  activerecord (~> 5)
  activerecord-nulldb-adapter!
  expectations
  minitest
  rake
