GIT
  remote: git@github.com:joongimin/nulldb.git
  revision: 93294d8b2f43787dbd932fe97ccbb8d6428fcd85
  specs:
    activerecord-nulldb-adapter (0.3.1)
      activerecord (>= 2.0.0)

GEM
  remote: https://rubygems.org/
  specs:
    activemodel (6.1.7.1)
      activesupport (= 6.1.7.1)
    activerecord (6.1.7.1)
      activemodel (= 6.1.7.1)
      activesupport (= 6.1.7.1)
    activesupport (6.1.7.1)
      concurrent-ruby (~> 1.0, >= 1.0.2)
      i18n (>= 1.6, < 2)
      minitest (>= 5.1)
      tzinfo (~> 2.0)
      zeitwerk (~> 2.3)
    concurrent-ruby (1.1.10)
    expectations (2.0.0)
      mocha (>= 0.5.5)
    i18n (1.12.0)
      concurrent-ruby (~> 1.0)
    metaclass (0.0.4)
    minitest (5.6.0)
    mocha (1.1.0)
      metaclass (~> 0.0.1)
    rake (10.3.2)
    tzinfo (2.0.5)
      concurrent-ruby (~> 1.0)
    zeitwerk (2.6.6)

PLATFORMS
  ruby

DEPENDENCIES
  activerecord (~> 6)
  activerecord-nulldb-adapter!
  expectations
  minitest
  rake
