GIT
  remote: git@github.com:joongimin/nulldb.git
  revision: 93294d8b2f43787dbd932fe97ccbb8d6428fcd85
  specs:
    activerecord-nulldb-adapter (0.3.1)
      activerecord (>= 2.0.0)

GEM
  remote: https://rubygems.org/
  specs:
    activemodel (4.2.1)
      activesupport (= 4.2.1)
      builder (~> 3.1)
    activerecord (4.2.1)
      activemodel (= 4.2.1)
      activesupport (= 4.2.1)
      arel (~> 6.0)
    activesupport (4.2.1)
      i18n (~> 0.7)
      json (~> 1.7, >= 1.7.7)
      minitest (~> 5.1)
      thread_safe (~> 0.3, >= 0.3.4)
      tzinfo (~> 1.1)
    arel (6.0.0)
    builder (3.2.2)
    expectations (2.0.0)
      mocha (>= 0.5.5)
    i18n (0.7.0)
    json (1.8.2)
    metaclass (0.0.4)
    minitest (5.6.0)
    mocha (1.1.0)
      metaclass (~> 0.0.1)
    rake (12.3.3)
    thread_safe (0.3.5)
    tzinfo (1.2.2)
      thread_safe (~> 0.1)

PLATFORMS
  ruby

DEPENDENCIES
  activerecord (~> 4)
  activerecord-nulldb-adapter!
  expectations
  minitest
  rake
